GIT
  remote: git://github.com/lotus/utils.git
  revision: 55f612785b9ee23e047afde68c59add2309ef091
  branch: 0.6.x
  specs:
    lotus-utils (0.6.0)

GIT
  remote: git://github.com/lotus/validations.git
  revision: f0b90201bfba9947744703c0e9313be5080eb785
  branch: master
  specs:
    lotus-validations (0.3.3)
      lotus-utils (~> 0.6)

GEM
  remote: https://rubygems.org/
  specs:
    addressable (2.3.8)
    byebug (7.0.0)
    capistrano (3.4.0)
      i18n
      rake (>= 10.0.0)
      sshkit (~> 1.3)
    capistrano-bundler (1.1.4)
      capistrano (~> 3.1)
      sshkit (~> 1.2)
    capistrano-rvm (0.1.2)
      capistrano (~> 3.0)
      sshkit (~> 1.2)
    capistrano-sidekiq (0.5.4)
      capistrano
      sidekiq (>= 3.4)
    capistrano3-puma (1.2.1)
      capistrano (~> 3.0)
      puma (>= 2.6)
    capybara (2.5.0)
      mime-types (>= 1.16)
      nokogiri (>= 1.3.3)
      rack (>= 1.0.0)
      rack-test (>= 0.5.4)
      xpath (~> 2.0)
    celluloid (0.17.2)
      celluloid-essentials
      celluloid-extras
      celluloid-fsm
      celluloid-pool
      celluloid-supervision
      timers (>= 4.1.1)
    celluloid-essentials (0.20.5)
      timers (>= 4.1.1)
    celluloid-extras (0.20.5)
      timers (>= 4.1.1)
    celluloid-fsm (0.20.5)
      timers (>= 4.1.1)
    celluloid-pool (0.20.5)
      timers (>= 4.1.1)
    celluloid-supervision (0.20.5)
      timers (>= 4.1.1)
    codeclimate-test-reporter (0.4.8)
      simplecov (>= 0.7.1, < 1.0.0)
    colorize (0.7.7)
    connection_pool (2.2.0)
    diff-lcs (1.2.5)
    docile (1.1.5)
    dotenv (2.0.2)
    fasterer (0.1.11)
      colorize (~> 0.7)
      ruby_parser (~> 3.6)
    fasterer-github (0.2.3)
      fasterer (= 0.1.11)
      httparty
    hitimes (1.2.3)
    http_router (0.11.2)
      rack (>= 1.0.0)
      url_mount (~> 0.2.1)
    httparty (0.13.7)
      json (~> 1.8)
      multi_xml (>= 0.5.2)
    i18n (0.7.0)
    json (1.8.3)
    launchy (2.4.3)
      addressable (~> 2.3)
    letter_opener (1.4.1)
      launchy (~> 2.2)
    lotus-controller (0.4.5)
      lotus-utils (~> 0.5)
      lotus-validations (~> 0.3, >= 0.3.3)
      rack (~> 1.6, >= 1.6.2)
    lotus-helpers (0.2.5)
      lotus-utils (~> 0.5, >= 0.5.2)
    lotus-mailer (0.1.0)
      lotus-utils (~> 0.5)
      mail (~> 2.5)
      tilt (~> 2.0, >= 2.0.1)
    lotus-model (0.5.0)
      lotus-utils (~> 0.5)
      sequel (~> 4.9)
    lotus-router (0.4.3)
      http_router (~> 0.11)
      lotus-utils (~> 0.5, >= 0.5.1)
    lotus-view (0.4.4)
      lotus-utils (~> 0.5)
      tilt (~> 2.0, >= 2.0.1)
    lotusrb (0.5.0)
      dotenv (~> 2.0)
      lotus-controller (~> 0.4, >= 0.4.5)
      lotus-helpers (~> 0.2, >= 0.2.5)
      lotus-mailer (~> 0.1)
      lotus-router (~> 0.4, >= 0.4.3)
      lotus-utils (~> 0.5, >= 0.5.2)
      lotus-view (~> 0.4, >= 0.4.4)
      shotgun (~> 0.9)
      thor (~> 0.19)
    mail (2.6.3)
      mime-types (>= 1.16, < 3)
    mime-types (2.6.2)
    mini_portile (0.6.2)
    multi_xml (0.5.5)
    net-scp (1.2.1)
      net-ssh (>= 2.6.5)
    net-ssh (3.0.1)
    nokogiri (1.6.6.2)
      mini_portile (~> 0.6.0)
    pg (0.18.3)
    puma (2.15.3)
    rack (1.6.4)
    rack-test (0.6.3)
      rack (>= 1.0)
    rake (10.4.2)
    redis (3.2.1)
    redis-namespace (1.5.2)
      redis (~> 3.0, >= 3.0.4)
    rspec (3.3.0)
      rspec-core (~> 3.3.0)
      rspec-expectations (~> 3.3.0)
      rspec-mocks (~> 3.3.0)
    rspec-core (3.3.2)
      rspec-support (~> 3.3.0)
    rspec-expectations (3.3.1)
      diff-lcs (>= 1.2.0, < 2.0)
      rspec-support (~> 3.3.0)
    rspec-mocks (3.3.2)
      diff-lcs (>= 1.2.0, < 2.0)
      rspec-support (~> 3.3.0)
    rspec-support (3.3.0)
    ruby_parser (3.7.2)
      sexp_processor (~> 4.1)
    sass (3.4.19)
    sequel (4.28.0)
    sexp_processor (4.6.0)
    shotgun (0.9.1)
      rack (>= 1.0)
    sidekiq (3.5.3)
      celluloid (~> 0.17.2)
      connection_pool (~> 2.2, >= 2.2.0)
      json (~> 1.0)
      redis (~> 3.2, >= 3.2.1)
      redis-namespace (~> 1.5, >= 1.5.2)
    simplecov (0.10.0)
      docile (~> 1.1.0)
      json (~> 1.8)
      simplecov-html (~> 0.10.0)
    simplecov-html (0.10.0)
    sshkit (1.7.1)
      colorize (>= 0.7.0)
      net-scp (>= 1.1.2)
      net-ssh (>= 2.8.0)
    thor (0.19.1)
    tilt (2.0.1)
    timers (4.1.1)
      hitimes
    url_mount (0.2.1)
      rack
    xpath (2.0.0)
      nokogiri (~> 1.3)

PLATFORMS
  ruby

DEPENDENCIES
  bundler
  byebug
  capistrano
  capistrano-bundler
  capistrano-rvm
  capistrano-sidekiq
  capistrano3-puma
  capybara
  codeclimate-test-reporter
  fasterer-github
  letter_opener
  lotus-model (~> 0.5)
  lotus-utils (~> 0.6)!
  lotus-validations!
  lotusrb (= 0.5.0)
  pg
  puma
  rake
  rspec
  rspec-mocks
  sass
  sidekiq

BUNDLED WITH
   1.10.6
